GEM
  remote: https://rubygems.org/
  specs:
    concurrent-ruby (1.1.5)
    erubis (2.7.0)
    exifr (1.3.6)
    human_size (1.1.2)
    image_size (2.0.2)
    slop (4.7.0)

PLATFORMS
  ruby

DEPENDENCIES
  concurrent-ruby (>= 1.1.5)
  erubis (>= 2.7.0)
  exifr (>= 1.3.6)
  human_size (>= 1.1.2)
  image_size (>= 2.0.2)
  slop (>= 4.7.0)

BUNDLED WITH
   1.17.3
